GEM
  remote: https://rubygems.org/
  specs:
    rack (1.5.2)
    rack-cache (1.2)
      rack (>= 0.4)
    rack-contrib (1.1.0)
      rack (>= 0.9.1)
    rack-rewrite (1.5.0)

PLATFORMS
  ruby

DEPENDENCIES
  rack
  rack-cache
  rack-contrib
  rack-rewrite
